GIT
  remote: https://github.com/pathawks/jekyll-commonmark
  revision: bcac00e555097a1ca737d9d6f837d9a4feaa1ef4
  specs:
    jekyll-commonmark (1.4.0)
      commonmarker (~> 0.23.4)

GEM
  remote: https://rubygems.org/
  specs:
    commonmarker (0.23.5)

PLATFORMS
  ruby

DEPENDENCIES
  jekyll-commonmark!

BUNDLED WITH
   2.2.22
