GIT
  remote: https://github.com/pathawks/jekyll-commonmark
  revision: f5e3ff0aeab0a915cab9ad66d786c7c8bda6eb60
  specs:
    jekyll-commonmark (0.1.0)
      commonmarker (~> 0.9.1)
      jekyll (>= 3.0, < 4.0)

GEM
  remote: https://rubygems.org/
  specs:
    colorator (1.1.0)
    commonmarker (0.9.2)
      ruby-enum (~> 0.4)
    ffi (1.12.1)
    forwardable-extended (2.6.0)
    i18n (0.7.0)
    jekyll (3.2.1)
      colorator (~> 1.0)
      jekyll-sass-converter (~> 1.0)
      jekyll-watch (~> 1.1)
      kramdown (~> 1.3)
      liquid (~> 3.0)
      mercenary (~> 0.3.3)
      pathutil (~> 0.9)
      rouge (~> 1.7)
      safe_yaml (~> 1.0)
    jekyll-sass-converter (1.4.0)
      sass (~> 3.4)
    jekyll-watch (1.5.0)
      listen (~> 3.0, < 3.1)
    kramdown (1.12.0)
    liquid (3.0.6)
    listen (3.0.8)
      rb-fsevent (~> 0.9, >= 0.9.4)
      rb-inotify (~> 0.9, >= 0.9.7)
    mercenary (0.3.6)
    pathutil (0.14.0)
      forwardable-extended (~> 2.6)
    rb-fsevent (0.9.7)
    rb-inotify (0.9.7)
      ffi (>= 0.5.0)
    rouge (1.11.1)
    ruby-enum (0.5.0)
      i18n
    safe_yaml (1.0.4)
    sass (3.4.22)

PLATFORMS
  ruby

DEPENDENCIES
  jekyll-commonmark!

BUNDLED WITH
   1.12.5
